PATH
  remote: .
  specs:
    br_zip_code (0.1.0)
      httparty (~> 0.12.0)

GEM
  remote: https://rubygems.org/
  specs:
    httparty (0.12.0)
      json (~> 1.8)
      multi_xml (>= 0.5.2)
    json (1.8.1)
    multi_xml (0.5.5)

PLATFORMS
  ruby

DEPENDENCIES
  br_zip_code!
  httparty
